GEM
  remote: https://rubygems.org/
  specs:
    addressable (2.3.8)
    httparty (0.12.0)
      json (~> 1.8)
      multi_xml (>= 0.5.2)
    json (1.8.3)
    kappa (1.0.2)
      addressable (~> 2.3.5)
      httparty (~> 0.12.0)
    multi_xml (0.5.5)

PLATFORMS
  ruby

DEPENDENCIES
  kappa (= 1.0.2)

BUNDLED WITH
   1.11.2
